GEM
  remote: https://rubygems.org/
  specs:
    addressable (2.3.6)
    columnize (0.8.9)
    debugger (1.6.8)
      columnize (>= 0.3.1)
      debugger-linecache (~> 1.2.0)
      debugger-ruby_core_source (~> 1.3.5)
    debugger-linecache (1.2.0)
    debugger-ruby_core_source (1.3.5)
    diff-lcs (1.2.5)
    json-schema (2.5.0)
      addressable (~> 2.3)
    rake (10.3.2)
    rspec (3.0.0)
      rspec-core (~> 3.0.0)
      rspec-expectations (~> 3.0.0)
      rspec-mocks (~> 3.0.0)
    rspec-core (3.0.2)
      rspec-support (~> 3.0.0)
    rspec-expectations (3.0.2)
      diff-lcs (>= 1.2.0, < 2.0)
      rspec-support (~> 3.0.0)
    rspec-mocks (3.0.2)
      rspec-support (~> 3.0.0)
    rspec-support (3.0.2)

PLATFORMS
  ruby

DEPENDENCIES
  debugger
  json-schema
  rake
  rspec
