GIT
  remote: https://github.com/openc/openc-json_schema
  revision: 16b7f651246744868dfca5366f788e9d6e28b49c
  specs:
    openc-json_schema (0.0.1)
      json-schema (= 2.5.0)

GEM
  remote: https://rubygems.org/
  specs:
    addressable (2.3.6)
    diff-lcs (1.2.5)
    json-schema (2.5.0)
      addressable (~> 2.3)
    rake (10.3.2)
    rspec (3.0.0)
      rspec-core (~> 3.0.0)
      rspec-expectations (~> 3.0.0)
      rspec-mocks (~> 3.0.0)
    rspec-core (3.0.2)
      rspec-support (~> 3.0.0)
    rspec-expectations (3.0.2)
      diff-lcs (>= 1.2.0, < 2.0)
      rspec-support (~> 3.0.0)
    rspec-mocks (3.0.2)
      rspec-support (~> 3.0.0)
    rspec-support (3.0.2)

PLATFORMS
  ruby

DEPENDENCIES
  openc-json_schema!
  rake
  rspec
