GIT
  remote: git://github.com/ruby-json-schema/json-schema.git
  revision: aded4d798a48545184dae7ae0a3bb41ec2794c88
  ref: aded4d798a48545184dae7ae0a3bb41ec2794c88
  specs:
    json-schema (2.5.0)
      addressable (~> 2.3)

GEM
  remote: https://rubygems.org/
  specs:
    addressable (2.3.7)
    diff-lcs (1.2.5)
    openc-json_schema (0.0.4)
    rake (10.3.2)
    rspec (3.0.0)
      rspec-core (~> 3.0.0)
      rspec-expectations (~> 3.0.0)
      rspec-mocks (~> 3.0.0)
    rspec-core (3.0.2)
      rspec-support (~> 3.0.0)
    rspec-expectations (3.0.2)
      diff-lcs (>= 1.2.0, < 2.0)
      rspec-support (~> 3.0.0)
    rspec-mocks (3.0.2)
      rspec-support (~> 3.0.0)
    rspec-support (3.0.2)

PLATFORMS
  ruby

DEPENDENCIES
  json-schema!
  openc-json_schema (= 0.0.4)
  rake
  rspec
