GIT
  remote: git://github.com/ruby-json-schema/json-schema.git
  revision: aded4d798a48545184dae7ae0a3bb41ec2794c88
  ref: aded4d798a48545184dae7ae0a3bb41ec2794c88
  specs:
    json-schema (2.5.0)
      addressable (~> 2.3)

PATH
  remote: /Users/peteringlesby/work/openc/openc-json-schema
  specs:
    openc-json_schema (0.0.3)

GEM
  remote: https://rubygems.org/
  specs:
    addressable (2.3.7)
    columnize (0.9.0)
    debugger (1.6.8)
      columnize (>= 0.3.1)
      debugger-linecache (~> 1.2.0)
      debugger-ruby_core_source (~> 1.3.5)
    debugger-linecache (1.2.0)
    debugger-ruby_core_source (1.3.8)
    diff-lcs (1.2.5)
    rake (10.3.2)
    rspec (3.0.0)
      rspec-core (~> 3.0.0)
      rspec-expectations (~> 3.0.0)
      rspec-mocks (~> 3.0.0)
    rspec-core (3.0.2)
      rspec-support (~> 3.0.0)
    rspec-expectations (3.0.2)
      diff-lcs (>= 1.2.0, < 2.0)
      rspec-support (~> 3.0.0)
    rspec-mocks (3.0.2)
      rspec-support (~> 3.0.0)
    rspec-support (3.0.2)

PLATFORMS
  ruby

DEPENDENCIES
  debugger
  json-schema!
  openc-json_schema!
  rake
  rspec
